GIT
  remote: https://github.com/santiagorodriguez96/fido_metadata.git
  revision: 8280a2ac9bb83a37e9f68e20efdb40eca33ea937
  branch: sr--support-FIDO-metadata-msd3
  specs:
    fido_metadata (0.3.0)
      jwt (~> 2.0)

PATH
  remote: ../..
  specs:
    webauthn (3.0.0)
      android_key_attestation (~> 0.3.0)
      awrence (~> 1.1)
      bindata (~> 2.4)
      cbor (~> 0.5.9)
      cose (~> 1.1)
      openssl (>= 2.2)
      safety_net_attestation (~> 0.4.0)
      tpm-key_attestation (~> 0.12.0)

GEM
  remote: https://rubygems.org/
  specs:
    android_key_attestation (0.3.0)
    awrence (1.2.1)
    bindata (2.4.15)
    byebug (11.0.1)
    cbor (0.5.9.6)
    cose (1.3.0)
      cbor (~> 0.5.9)
      openssl-signature_algorithm (~> 1.0)
    jwt (2.2.1)
    multi_json (1.14.1)
    mustermann (2.0.2)
      ruby2_keywords (~> 0.0.1)
    openssl (3.2.0)
    openssl-signature_algorithm (1.3.0)
      openssl (> 2.0)
    rack (2.2.8)
    rack-contrib (2.3.0)
      rack (~> 2.0)
    rack-protection (2.2.4)
      rack
    ruby2_keywords (0.0.1)
    rubyzip (2.0.0)
    safety_net_attestation (0.4.0)
      jwt (~> 2.0)
    sinatra (2.2.4)
      mustermann (~> 2.0)
      rack (~> 2.2)
      rack-protection (= 2.2.4)
      tilt (~> 2.0)
    sinatra-contrib (2.2.4)
      multi_json
      mustermann (~> 2.0)
      rack-protection (= 2.2.4)
      sinatra (= 2.2.4)
      tilt (~> 2.0)
    tilt (2.0.10)
    tpm-key_attestation (0.12.0)
      bindata (~> 2.4)
      openssl (> 2.0)
      openssl-signature_algorithm (~> 1.0)
    webrick (1.8.1)

PLATFORMS
  ruby

DEPENDENCIES
  byebug
  fido_metadata!
  rack-contrib
  rubyzip
  sinatra (~> 2.0)
  sinatra-contrib
  webauthn!
  webrick

RUBY VERSION
   ruby 3.2.2p53

BUNDLED WITH
   2.3.26
